PATH
  remote: .
  specs:
    snortor (0.0.1)

GEM
  remote: http://rubygems.org/
  specs:

PLATFORMS
  ruby

DEPENDENCIES
  snortor!
